GIT
  remote: https://github.com/faker-ruby/faker.git
  revision: aa31845ed54c25eb2638d716bfddf59771b502aa
  branch: master
  specs:
    faker (2.18.0)
      i18n (>= 1.6, < 2)

GIT
  remote: https://github.com/xandrck/mimemagic.git
  revision: 01f92d86d15d85cfd0f20dabd025dcbd36a8a60f
  specs:
    mimemagic (0.3.5)

GEM
  remote: https://rubygems.org/
  specs:
    actioncable (6.1.3.1)
      actionpack (= 6.1.3.1)
      activesupport (= 6.1.3.1)
      nio4r (~> 2.0)
      websocket-driver (>= 0.6.1)
    actionmailbox (6.1.3.1)
      actionpack (= 6.1.3.1)
      activejob (= 6.1.3.1)
      activerecord (= 6.1.3.1)
      activestorage (= 6.1.3.1)
      activesupport (= 6.1.3.1)
      mail (>= 2.7.1)
    actionmailer (6.1.3.1)
      actionpack (= 6.1.3.1)
      actionview (= 6.1.3.1)
      activejob (= 6.1.3.1)
      activesupport (= 6.1.3.1)
      mail (~> 2.5, >= 2.5.4)
      rails-dom-testing (~> 2.0)
    actionpack (6.1.3.1)
      actionview (= 6.1.3.1)
      activesupport (= 6.1.3.1)
      rack (~> 2.0, >= 2.0.9)
      rack-test (>= 0.6.3)
      rails-dom-testing (~> 2.0)
      rails-html-sanitizer (~> 1.0, >= 1.2.0)
    actiontext (6.1.3.1)
      actionpack (= 6.1.3.1)
      activerecord (= 6.1.3.1)
      activestorage (= 6.1.3.1)
      activesupport (= 6.1.3.1)
      nokogiri (>= 1.8.5)
    actionview (6.1.3.1)
      activesupport (= 6.1.3.1)
      builder (~> 3.1)
      erubi (~> 1.4)
      rails-dom-testing (~> 2.0)
      rails-html-sanitizer (~> 1.1, >= 1.2.0)
    activeadmin (2.9.0)
      arbre (~> 1.2, >= 1.2.1)
      formtastic (>= 3.1, < 5.0)
      formtastic_i18n (~> 0.4)
      inherited_resources (~> 1.7)
      jquery-rails (~> 4.2)
      kaminari (~> 1.0, >= 1.2.1)
      railties (>= 5.2, < 6.2)
      ransack (~> 2.1, >= 2.1.1)
    activejob (6.1.3.1)
      activesupport (= 6.1.3.1)
      globalid (>= 0.3.6)
    activemodel (6.1.3.1)
      activesupport (= 6.1.3.1)
    activerecord (6.1.3.1)
      activemodel (= 6.1.3.1)
      activesupport (= 6.1.3.1)
    activestorage (6.1.3.1)
      actionpack (= 6.1.3.1)
      activejob (= 6.1.3.1)
      activerecord (= 6.1.3.1)
      activesupport (= 6.1.3.1)
      marcel (~> 1.0.0)
      mini_mime (~> 1.0.2)
    activesupport (6.1.3.1)
      concurrent-ruby (~> 1.0, >= 1.0.2)
      i18n (>= 1.6, < 2)
      minitest (>= 5.1)
      tzinfo (~> 2.0)
      zeitwerk (~> 2.3)
    addressable (2.7.0)
      public_suffix (>= 2.0.2, < 5.0)
    arbre (1.4.0)
      activesupport (>= 3.0.0, < 6.2)
      ruby2_keywords (>= 0.0.2, < 1.0)
    aws_cf_signer (0.1.3)
    axiom-types (0.1.1)
      descendants_tracker (~> 0.0.4)
      ice_nine (~> 0.11.0)
      thread_safe (~> 0.3, >= 0.3.1)
    bcrypt (3.1.16)
    bindex (0.8.1)
    bootsnap (1.7.4)
      msgpack (~> 1.0)
    builder (3.2.4)
    byebug (11.1.3)
    capybara (3.35.3)
      addressable
      mini_mime (>= 0.1.3)
      nokogiri (~> 1.8)
      rack (>= 1.6.0)
      rack-test (>= 0.6.3)
      regexp_parser (>= 1.5, < 3.0)
      xpath (~> 3.2)
    carrierwave (2.2.1)
      activemodel (>= 5.0.0)
      activesupport (>= 5.0.0)
      addressable (~> 2.6)
      image_processing (~> 1.1)
      marcel (~> 1.0.0)
      mini_mime (>= 0.1.3)
      ssrf_filter (~> 1.0)
    childprocess (3.0.0)
    cloudinary (1.20.0)
      aws_cf_signer
      rest-client (>= 2.0.0)
    coderay (1.1.3)
    coercible (1.0.0)
      descendants_tracker (~> 0.0.1)
    concurrent-ruby (1.1.8)
    crass (1.0.6)
    declarative (0.0.20)
    descendants_tracker (0.0.4)
      thread_safe (~> 0.3, >= 0.3.1)
    devise (4.7.3)
      bcrypt (~> 3.0)
      orm_adapter (~> 0.1)
      railties (>= 4.1.0)
      responders
      warden (~> 1.2.3)
    domain_name (0.5.20190701)
      unf (>= 0.0.5, < 1.0.0)
    equalizer (0.0.11)
    erubi (1.10.0)
    faraday (1.4.1)
      faraday-excon (~> 1.1)
      faraday-net_http (~> 1.0)
      faraday-net_http_persistent (~> 1.1)
      multipart-post (>= 1.2, < 3)
      ruby2_keywords (>= 0.0.4)
    faraday-excon (1.1.0)
    faraday-net_http (1.0.1)
    faraday-net_http_persistent (1.1.0)
    ffi (1.15.0)
    formtastic (4.0.0)
      actionpack (>= 5.2.0)
    formtastic_i18n (0.6.0)
    globalid (0.4.2)
      activesupport (>= 4.2.0)
    google-apis-core (0.3.0)
      addressable (~> 2.5, >= 2.5.1)
      googleauth (~> 0.14)
      httpclient (>= 2.8.1, < 3.0)
      mini_mime (~> 1.0)
      representable (~> 3.0)
      retriable (>= 2.0, < 4.0)
      rexml
      signet (~> 0.14)
      webrick
    google-apis-drive_v3 (0.5.0)
      google-apis-core (~> 0.1)
    google-apis-sheets_v4 (0.4.0)
      google-apis-core (~> 0.1)
    google_drive (3.0.7)
      google-apis-drive_v3 (>= 0.5.0, < 1.0.0)
      google-apis-sheets_v4 (>= 0.4.0, < 1.0.0)
      googleauth (>= 0.5.0, < 1.0.0)
      nokogiri (>= 1.5.3, < 2.0.0)
    googleauth (0.16.1)
      faraday (>= 0.17.3, < 2.0)
      jwt (>= 1.4, < 3.0)
      memoist (~> 0.16)
      multi_json (~> 1.11)
      os (>= 0.9, < 2.0)
      signet (~> 0.14)
    has_scope (0.8.0)
      actionpack (>= 5.2)
      activesupport (>= 5.2)
    hashie (4.1.0)
    http-cookie (1.0.3)
      domain_name (~> 0.5)
    httpclient (2.8.3)
    i18n (1.8.10)
      concurrent-ruby (~> 1.0)
    ice_nine (0.11.2)
    image_processing (1.12.1)
      mini_magick (>= 4.9.5, < 5)
      ruby-vips (>= 2.0.17, < 3)
    inflecto (0.0.2)
    inherited_resources (1.12.0)
      actionpack (>= 5.2, < 6.2)
      has_scope (~> 0.6)
      railties (>= 5.2, < 6.2)
      responders (>= 2, < 4)
    interactor (3.1.2)
    jbuilder (2.11.2)
      activesupport (>= 5.0.0)
    jquery-rails (4.4.0)
      rails-dom-testing (>= 1, < 3)
      railties (>= 4.2.0)
      thor (>= 0.14, < 2.0)
    jwt (2.2.3)
    kaminari (1.2.1)
      activesupport (>= 4.1.0)
      kaminari-actionview (= 1.2.1)
      kaminari-activerecord (= 1.2.1)
      kaminari-core (= 1.2.1)
    kaminari-actionview (1.2.1)
      actionview
      kaminari-core (= 1.2.1)
    kaminari-activerecord (1.2.1)
      activerecord
      kaminari-core (= 1.2.1)
    kaminari-core (1.2.1)
    listen (3.5.1)
      rb-fsevent (~> 0.10, >= 0.10.3)
      rb-inotify (~> 0.9, >= 0.9.10)
    loofah (2.9.1)
      crass (~> 1.0.2)
      nokogiri (>= 1.5.9)
    mail (2.7.1)
      mini_mime (>= 0.1.1)
    marcel (1.0.1)
    memoist (0.16.2)
    method_source (1.0.0)
    mime-types (3.3.1)
      mime-types-data (~> 3.2015)
    mime-types-data (3.2021.0225)
    mini_magick (4.11.0)
    mini_mime (1.0.3)
    minitest (5.14.4)
    msgpack (1.4.2)
    multi_json (1.15.0)
    multi_xml (0.6.0)
    multipart-post (2.1.1)
    netrc (0.11.0)
    nio4r (2.5.7)
    nokogiri (1.11.3-x86_64-linux)
      racc (~> 1.4)
    oauth2 (1.4.7)
      faraday (>= 0.8, < 2.0)
      jwt (>= 1.0, < 3.0)
      multi_json (~> 1.3)
      multi_xml (~> 0.5)
      rack (>= 1.2, < 3)
    omniauth (1.9.1)
      hashie (>= 3.4.6)
      rack (>= 1.6.2, < 3)
    omniauth-google-oauth2 (0.8.2)
      jwt (>= 2.0)
      oauth2 (~> 1.1)
      omniauth (~> 1.1)
      omniauth-oauth2 (>= 1.6)
    omniauth-oauth2 (1.7.1)
      oauth2 (~> 1.4)
      omniauth (>= 1.9, < 3)
    orm_adapter (0.5.0)
    os (1.1.1)
    pg (1.2.3)
    pry (0.14.1)
      coderay (~> 1.1)
      method_source (~> 1.0)
    public_suffix (4.0.6)
    puma (5.2.2)
      nio4r (~> 2.0)
    racc (1.5.2)
    rack (2.2.3)
    rack-cors (1.1.1)
      rack (>= 2.0.0)
    rack-mini-profiler (2.3.1)
      rack (>= 1.2.0)
    rack-proxy (0.6.5)
      rack
    rack-test (1.1.0)
      rack (>= 1.0, < 3)
    rails (6.1.3.1)
      actioncable (= 6.1.3.1)
      actionmailbox (= 6.1.3.1)
      actionmailer (= 6.1.3.1)
      actionpack (= 6.1.3.1)
      actiontext (= 6.1.3.1)
      actionview (= 6.1.3.1)
      activejob (= 6.1.3.1)
      activemodel (= 6.1.3.1)
      activerecord (= 6.1.3.1)
      activestorage (= 6.1.3.1)
      activesupport (= 6.1.3.1)
      bundler (>= 1.15.0)
      railties (= 6.1.3.1)
      sprockets-rails (>= 2.0.0)
    rails-dom-testing (2.0.3)
      activesupport (>= 4.2.0)
      nokogiri (>= 1.6)
    rails-html-sanitizer (1.3.0)
      loofah (~> 2.3)
    railties (6.1.3.1)
      actionpack (= 6.1.3.1)
      activesupport (= 6.1.3.1)
      method_source
      rake (>= 0.8.7)
      thor (~> 1.0)
    rake (13.0.3)
    ransack (2.4.2)
      activerecord (>= 5.2.4)
      activesupport (>= 5.2.4)
      i18n
    rb-fsevent (0.10.4)
    rb-inotify (0.10.1)
      ffi (~> 1.0)
    regexp_parser (2.1.1)
    representable (3.1.1)
      declarative (< 0.1.0)
      trailblazer-option (>= 0.1.1, < 0.2.0)
      uber (< 0.2.0)
    responders (3.0.1)
      actionpack (>= 5.0)
      railties (>= 5.0)
    rest-client (2.0.2)
      http-cookie (>= 1.0.2, < 2.0)
      mime-types (>= 1.16, < 4.0)
      netrc (~> 0.8)
    retriable (3.1.2)
    rexml (3.2.5)
    ruby-vips (2.1.0)
      ffi (~> 1.12)
    ruby2_keywords (0.0.4)
    rubyzip (2.3.0)
    sass-rails (6.0.0)
      sassc-rails (~> 2.1, >= 2.1.1)
    sassc (2.4.0)
      ffi (~> 1.9)
    sassc-rails (2.1.2)
      railties (>= 4.0.0)
      sassc (>= 2.0)
      sprockets (> 3.0)
      sprockets-rails
      tilt
    selenium-webdriver (3.142.7)
      childprocess (>= 0.5, < 4.0)
      rubyzip (>= 1.2.2)
    semantic_range (3.0.0)
    signet (0.15.0)
      addressable (~> 2.3)
      faraday (>= 0.17.3, < 2.0)
      jwt (>= 1.5, < 3.0)
      multi_json (~> 1.10)
    spring (2.1.1)
    sprockets (4.0.2)
      concurrent-ruby (~> 1.0)
      rack (> 1, < 3)
    sprockets-rails (3.2.2)
      actionpack (>= 4.0)
      activesupport (>= 4.0)
      sprockets (>= 3.0.0)
    ssrf_filter (1.0.7)
    telegram-bot-ruby (0.15.0)
      faraday
      inflecto
      virtus
    thor (1.1.0)
    thread_safe (0.3.6)
    tilt (2.0.10)
    trailblazer-option (0.1.1)
    turbolinks (5.2.1)
      turbolinks-source (~> 5.2)
    turbolinks-source (5.2.0)
    tzinfo (2.0.4)
      concurrent-ruby (~> 1.0)
    uber (0.1.0)
    unf (0.1.4)
      unf_ext
    unf_ext (0.0.7.7)
    virtus (1.0.5)
      axiom-types (~> 0.1)
      coercible (~> 1.0)
      descendants_tracker (~> 0.0, >= 0.0.3)
      equalizer (~> 0.0, >= 0.0.9)
    warden (1.2.9)
      rack (>= 2.0.9)
    web-console (4.1.0)
      actionview (>= 6.0.0)
      activemodel (>= 6.0.0)
      bindex (>= 0.4.0)
      railties (>= 6.0.0)
    webdrivers (4.6.0)
      nokogiri (~> 1.6)
      rubyzip (>= 1.3.0)
      selenium-webdriver (>= 3.0, < 4.0)
    webpacker (5.2.1)
      activesupport (>= 5.2)
      rack-proxy (>= 0.6.1)
      railties (>= 5.2)
      semantic_range (>= 2.3.0)
    webrick (1.7.0)
    websocket-driver (0.7.3)
      websocket-extensions (>= 0.1.0)
    websocket-extensions (0.1.5)
    xpath (3.2.0)
      nokogiri (~> 1.8)
    zeitwerk (2.4.2)

PLATFORMS
  ruby
  x86_64-linux

DEPENDENCIES
  activeadmin
  bootsnap (>= 1.4.4)
  byebug
  capybara (>= 3.26)
  carrierwave
  cloudinary
  devise
  faker!
  google_drive
  interactor (~> 3.0)
  jbuilder (~> 2.7)
  kaminari
  listen (~> 3.3)
  mimemagic (= 0.3.5)!
  omniauth (~> 1.9.1)
  omniauth-google-oauth2
  pg (~> 1.1)
  pry
  puma (~> 5.0)
  rack-cors
  rack-mini-profiler (~> 2.0)
  rails (~> 6.1.1)
  sass-rails (>= 6)
  selenium-webdriver
  spring
  telegram-bot-ruby
  turbolinks (~> 5)
  tzinfo-data
  web-console (>= 4.1.0)
  webdrivers
  webpacker (~> 5.0)

RUBY VERSION
   ruby 2.7.0p0

BUNDLED WITH
   2.2.8
